GEM
  remote: http://rubygems.org/
  specs:
    json (1.5.1)

PLATFORMS
  ruby

DEPENDENCIES
  json (= 1.5.1)
